GEM
  remote: https://rubygems.org/
  specs:
    activemodel (5.0.0.1)
      activesupport (= 5.0.0.1)
    activerecord (5.0.0.1)
      activemodel (= 5.0.0.1)
      activesupport (= 5.0.0.1)
      arel (~> 7.0)
    activerecord5-redshift-adapter (0.0.1)
      activerecord (~> 5.0.0)
      pg (>= 0.18)
    activesupport (5.0.0.1)
      concurrent-ruby (~> 1.0, >= 1.0.2)
      i18n (~> 0.7)
      minitest (~> 5.1)
      tzinfo (~> 1.1)
    arel (7.1.4)
    ast (2.3.0)
    aws-sdk (2.3.13)
      aws-sdk-resources (= 2.3.13)
    aws-sdk-core (2.3.13)
      jmespath (~> 1.0)
    aws-sdk-resources (2.3.13)
      aws-sdk-core (= 2.3.13)
    backports (3.6.8)
    chartkick (2.0.0)
    concurrent-ruby (1.0.2)
    i18n (0.7.0)
    jmespath (1.2.4)
      json_pure (>= 1.8.1)
    json_pure (1.8.3)
    minitest (5.9.1)
    multi_json (1.12.1)
    parser (2.3.1.2)
      ast (~> 2.2)
    pg (0.19.0)
    powerpack (0.1.1)
    rack (1.6.4)
    rack-protection (1.5.3)
      rack
    rack-test (0.6.3)
      rack (>= 1.0)
    rainbow (2.1.0)
    rubocop (0.40.0)
      parser (>= 2.3.1.0, < 3.0)
      powerpack (~> 0.1)
      rainbow (>= 1.99.1, < 3.0)
      ruby-progressbar (~> 1.7)
      unicode-display_width (~> 1.0, >= 1.0.1)
    ruby-progressbar (1.8.1)
    sinatra (1.4.7)
      rack (~> 1.5)
      rack-protection (~> 1.4)
      tilt (>= 1.3, < 3)
    sinatra-contrib (1.4.7)
      backports (>= 2.0)
      multi_json
      rack-protection
      rack-test
      sinatra (~> 1.4.0)
      tilt (>= 1.3, < 3)
    slim (3.0.7)
      temple (~> 0.7.6)
      tilt (>= 1.3.3, < 2.1)
    temple (0.7.7)
    thread_safe (0.3.5)
    tilt (2.0.5)
    tzinfo (1.2.2)
      thread_safe (~> 0.1)
    unicode-display_width (1.0.5)

PLATFORMS
  ruby

DEPENDENCIES
  activerecord (~> 5.0)
  activerecord5-redshift-adapter
  activesupport (~> 5.0)
  aws-sdk (~> 2.3)
  chartkick
  rubocop
  sinatra (~> 1.4)
  sinatra-contrib (~> 1.4)
  slim

RUBY VERSION
   ruby 2.3.1p112

BUNDLED WITH
   1.12.5
